GEM
  remote: http://rubygems.org/
  specs:
    POpen4 (0.1.4)
      Platform (>= 0.4.0)
      open4
    Platform (0.4.0)
    RedCloth (4.2.9)
    chunky_png (1.2.7)
    compass (0.12.2)
      chunky_png (~> 1.2)
      fssm (>= 0.2.7)
      sass (~> 3.1)
    daemons (1.1.9)
    eventmachine (1.0.0)
    faraday (0.8.6)
      multipart-post (~> 1.1)
    fssm (0.2.10)
    github-markup (0.7.5)
    github_api (0.9.1)
      faraday (~> 0.8.1)
      hashie (~> 2.0)
      multi_json (~> 1.4)
      nokogiri (~> 1.5.2)
      oauth2
    hashie (2.0.1)
    httpauth (0.2.0)
    jammit (0.6.5)
      yui-compressor (>= 0.9.3)
    jwt (0.1.5)
      multi_json (>= 1.0)
    multi_json (1.6.1)
    multi_xml (0.5.3)
    multipart-post (1.2.0)
    nokogiri (1.5.6)
    oauth2 (0.9.1)
      faraday (~> 0.8)
      httpauth (~> 0.1)
      jwt (~> 0.1.4)
      multi_json (~> 1.0)
      multi_xml (~> 0.5)
      rack (~> 1.2)
    open4 (1.3.0)
    rack (1.5.2)
    rack-protection (1.3.2)
      rack
    redcarpet (2.2.2)
    redis (3.0.2)
    sass (3.2.6)
    sinatra (1.3.5)
      rack (~> 1.4)
      rack-protection (~> 1.3)
      tilt (~> 1.3, >= 1.3.3)
    sinatra-partial (0.4.0)
      sinatra
    stipe (0.0.5.5)
      compass (>= 0.11)
      sass (>= 3.2.1)
    thin (1.5.0)
      daemons (>= 1.0.9)
      eventmachine (>= 0.12.6)
      rack (>= 1.0.0)
    tilt (1.3.3)
    yui-compressor (0.9.6)
      POpen4 (>= 0.1.4)

PLATFORMS
  ruby

DEPENDENCIES
  RedCloth
  compass
  github-markup
  github_api
  jammit
  redcarpet
  redis
  sass
  sinatra
  sinatra-partial
  stipe (= 0.0.5.5)
  thin
