GEM
  remote: http://rubygems.org/
  specs:
    chunky_png (1.2.8)
    compass (0.12.2)
      chunky_png (~> 1.2)
      fssm (>= 0.2.7)
      sass (~> 3.1)
    fssm (0.2.10)
    rack (1.5.2)
    rack-protection (1.5.0)
      rack
    rake (10.0.3)
    rdiscount (2.0.7.2)
    sass (3.2.7)
    sinatra (1.4.2)
      rack (~> 1.5, >= 1.5.2)
      rack-protection (~> 1.4)
      tilt (~> 1.3, >= 1.3.4)
    sinatra-partial (0.4.0)
      sinatra
    stipe (0.0.5.8)
      compass (>= 0.11)
      sass (>= 3.2.1)
    thor (0.18.1)
    tilt (1.3.7)
    toadstool (0.0.0.8)
      compass (>= 0.12)
      sass (>= 3.2.1)
      sinatra
      sinatra-partial
      stipe (>= 0.0.5.7.4)
      thor

PLATFORMS
  ruby

DEPENDENCIES
  compass
  rake
  rdiscount
  sass
  sinatra
  sinatra-partial
  stipe
  toadstool
